GIT
  remote: https://github.com/ashmckenzie/tmdb_party
  revision: 33dc04d287094fa7c5c4b62fc987a89fc066c616
  specs:
    tmdb_party (0.9.0)
      httparty (>= 0.8.1)

GEM
  remote: http://rubygems.org/
  specs:
    awesome_print (1.0.2)
    coderay (1.0.5)
    ffi (1.0.11)
    guard (1.0.1)
      ffi (>= 0.5.0)
      thor (~> 0.14.6)
    httparty (0.8.1)
      multi_json
      multi_xml
    little-plugger (1.1.3)
    logging (1.7.2)
      little-plugger (>= 1.1.3)
    method_source (0.7.1)
    mime-types (1.18)
    multi_json (1.2.0)
    multi_xml (0.4.2)
    pry (0.9.8.4)
      coderay (~> 1.0.5)
      method_source (~> 0.7.1)
      slop (>= 2.4.4, < 3)
    pry-nav (0.2.0)
      pry (~> 0.9.8.1)
    rest-client (1.6.7)
      mime-types (>= 1.16)
    slop (2.4.4)
    thor (0.14.6)
    toadhopper (2.0)
    trollop (1.16.2)
    tvdb_party (0.6.2)
      httparty (>= 0.6.1)

PLATFORMS
  ruby

DEPENDENCIES
  awesome_print
  guard
  logging
  pry
  pry-nav
  rest-client
  tmdb_party!
  toadhopper
  trollop
  tvdb_party
