GEM
  remote: http://rubygems.org/
  specs:
    awesome_print (1.0.2)
    coderay (1.0.5)
    ffi (1.0.11)
    guard (1.0.0)
      ffi (>= 0.5.0)
      thor (~> 0.14.6)
    little-plugger (1.1.3)
    logging (1.7.0)
      little-plugger (>= 1.1.3)
    method_source (0.7.0)
    mime-types (1.17.2)
    pry (0.9.8.2)
      coderay (~> 1.0.5)
      method_source (~> 0.7)
      slop (< 3, >= 2.4.4)
    pry-nav (0.1.0)
      pry (~> 0.9.8.1)
    rest-client (1.6.7)
      mime-types (>= 1.16)
    slop (2.4.4)
    thor (0.14.6)
    trollop (1.16.2)

PLATFORMS
  ruby

DEPENDENCIES
  awesome_print
  guard
  logging
  pry
  pry-nav
  rest-client
  trollop
